GEM
  remote: http://rubygems.org/
  specs:
    haml (3.1.4)
    puma (2.9.2)
      rack (>= 1.1, < 2.0)
    rack (1.4.1)
    redcarpet (2.1.1)
    sinatra (1.0)
      rack (>= 1.0)

PLATFORMS
  ruby

DEPENDENCIES
  haml
  puma
  redcarpet
  sinatra
